GEM
  remote: https://rubygems.org/
  specs:
    activemodel (4.1.0)
      activesupport (= 4.1.0)
      builder (~> 3.1)
    activesupport (4.1.0)
      i18n (~> 0.6, >= 0.6.9)
      json (~> 1.7, >= 1.7.7)
      minitest (~> 5.1)
      thread_safe (~> 0.1)
      tzinfo (~> 1.1)
    addressable (2.3.6)
    bson (2.2.2)
    bson_ext (1.5.1)
    builder (3.2.2)
    chronic (0.10.2)
    connection_pool (2.0.0)
    faraday (0.9.0)
      multipart-post (>= 1.2, < 3)
    google_calendar (0.3.1)
      addressable (>= 2.2.2)
      nokogiri (>= 1.4.4)
    highline (1.6.21)
    i18n (0.6.9)
    imdb (0.8.1)
      nokogiri (>= 1.6.0)
    json (1.8.1)
    jwt (0.1.11)
      multi_json (>= 1.5)
    mime-types (2.2)
    mini_portile (0.5.3)
    minitest (5.3.3)
    mongoid (4.0.0.beta1)
      activemodel (>= 4.0.0)
      moped (~> 2.0.beta6)
      origin (~> 2.1)
      tzinfo (>= 0.3.37)
    moped (2.0.0.rc1)
      bson (~> 2.2)
      connection_pool (~> 2.0)
      optionable (~> 0.2.0)
    moves (0.1.1)
      rest-client
    multi_json (1.9.3)
    multi_xml (0.5.5)
    multipart-post (2.0.0)
    nokogiri (1.6.1)
      mini_portile (~> 0.5.0)
    oauth2 (0.9.3)
      faraday (>= 0.8, < 0.10)
      jwt (~> 0.1.8)
      multi_json (~> 1.3)
      multi_xml (~> 0.5)
      rack (~> 1.2)
    optionable (0.2.0)
    origin (2.1.1)
    parseconfig (1.0.4)
    rack (1.5.2)
    rest-client (1.6.7)
      mime-types (>= 1.16)
    rubytree (0.9.3)
      json (~> 1.8)
      structured_warnings (~> 0.1)
    structured_warnings (0.1.4)
    thread_safe (0.3.3)
    tzinfo (1.1.0)
      thread_safe (~> 0.1)

PLATFORMS
  ruby

DEPENDENCIES
  activesupport
  bson_ext
  chronic
  google_calendar
  highline
  imdb
  mongoid (~> 4.0.0.beta1)
  moves
  oauth2
  parseconfig
  rubytree
